GEM
  specs:
    ncurses-ruby (1.2.1)
    tpp (1.3.1)
      ncurses-ruby

PLATFORMS
  ruby

DEPENDENCIES
  tpp
